GEM
  remote: https://rubygems.org/
  specs:
    async (2.33.0)
      console (~> 1.29)
      fiber-annotation
      io-event (~> 1.11)
      metrics (~> 0.12)
      traces (~> 0.18)
    async-container (0.27.0)
      async (~> 2.22)
    async-container-supervisor (0.5.2)
      async-container (~> 0.22)
      async-service
      io-endpoint
      io-stream
      memory-leak (~> 0.5)
    async-http (0.91.0)
      async (>= 2.10.2)
      async-pool (~> 0.11)
      io-endpoint (~> 0.14)
      io-stream (~> 0.6)
      metrics (~> 0.12)
      protocol-http (~> 0.49)
      protocol-http1 (~> 0.30)
      protocol-http2 (~> 0.22)
      traces (~> 0.10)
    async-http-cache (0.4.5)
      async-http (~> 0.56)
    async-pool (0.11.0)
      async (>= 2.0)
    async-rspec (1.17.1)
      rspec (~> 3.0)
      rspec-files (~> 1.0)
      rspec-memory (~> 1.0)
    async-service (0.14.4)
      async
      async-container (~> 0.16)
      string-format (~> 0.2)
    autoforme (1.14.0)
      enum_csv
      forme (>= 2.0.0)
      rack
      sequel (>= 3.0.0)
    base64 (0.3.0)
    benchmark-malloc (0.2.0)
    benchmark-perf (0.6.0)
    benchmark-trend (0.4.0)
    bigdecimal (3.2.3)
    concurrent-ruby (1.3.5)
    connection_pool (2.5.4)
    console (1.34.0)
      fiber-annotation
      fiber-local (~> 1.1)
      json
    csv (3.3.5)
    diff-lcs (1.6.2)
    docile (1.4.1)
    enum_csv (1.2.0)
      csv
    falcon (0.52.3)
      async
      async-container (~> 0.20)
      async-container-supervisor (~> 0.5.0)
      async-http (~> 0.75)
      async-http-cache (~> 0.4)
      async-service (~> 0.10)
      bundler
      localhost (~> 1.1)
      openssl (~> 3.0)
      protocol-http (~> 0.31)
      protocol-rack (~> 0.7)
      samovar (~> 2.3)
    faraday (2.14.0)
      faraday-net_http (>= 2.0, < 3.5)
      json
      logger
    faraday-net_http (3.4.1)
      net-http (>= 0.5.0)
    faraday-net_http_persistent (2.3.1)
      faraday (~> 2.5)
      net-http-persistent (>= 4.0.4, < 5)
    faraday-retry (2.3.2)
      faraday (~> 2.0)
    ffi (1.17.2-aarch64-linux-gnu)
    ffi (1.17.2-aarch64-linux-musl)
    ffi (1.17.2-arm-linux-gnu)
    ffi (1.17.2-arm-linux-musl)
    ffi (1.17.2-arm64-darwin)
    ffi (1.17.2-x86-linux-gnu)
    ffi (1.17.2-x86-linux-musl)
    ffi (1.17.2-x86_64-darwin)
    ffi (1.17.2-x86_64-linux-gnu)
    ffi (1.17.2-x86_64-linux-musl)
    fiber-annotation (0.2.0)
    fiber-local (1.1.0)
      fiber-storage
    fiber-storage (1.0.1)
    forme (2.7.0)
      bigdecimal
    google-protobuf (4.32.1)
      bigdecimal
      rake (>= 13)
    google-protobuf (4.32.1-aarch64-linux-gnu)
      bigdecimal
      rake (>= 13)
    google-protobuf (4.32.1-aarch64-linux-musl)
      bigdecimal
      rake (>= 13)
    google-protobuf (4.32.1-arm64-darwin)
      bigdecimal
      rake (>= 13)
    google-protobuf (4.32.1-x86-linux-gnu)
      bigdecimal
      rake (>= 13)
    google-protobuf (4.32.1-x86-linux-musl)
      bigdecimal
      rake (>= 13)
    google-protobuf (4.32.1-x86_64-darwin)
      bigdecimal
      rake (>= 13)
    google-protobuf (4.32.1-x86_64-linux-gnu)
      bigdecimal
      rake (>= 13)
    google-protobuf (4.32.1-x86_64-linux-musl)
      bigdecimal
      rake (>= 13)
    googleapis-common-protos-types (1.21.0)
      google-protobuf (~> 4.26)
    io-endpoint (0.15.2)
    io-event (1.14.0)
    io-stream (0.10.0)
    json (2.15.0)
    localhost (1.6.0)
    logger (1.7.0)
    maplibre-preview (1.3.7)
      rack (>= 2.0, < 4.0)
      sinatra (>= 2.1, < 5.0)
      slim (>= 4.1, < 6.0)
    mapping (1.1.3)
    memory-leak (0.5.2)
    metrics (0.15.0)
    mustermann (3.0.4)
      ruby2_keywords (~> 0.0.1)
    nats-pure (2.5.0)
      base64
      concurrent-ruby (~> 1.0)
      json
      securerandom
      uri
    net-http (0.6.0)
      uri
    net-http-persistent (4.0.6)
      connection_pool (~> 2.2, >= 2.2.4)
    openssl (3.3.0)
    opentelemetry-api (1.7.0)
    opentelemetry-common (0.22.0)
      opentelemetry-api (~> 1.0)
    opentelemetry-exporter-otlp (0.30.0)
      google-protobuf (>= 3.18)
      googleapis-common-protos-types (~> 1.3)
      opentelemetry-api (~> 1.1)
      opentelemetry-common (~> 0.20)
      opentelemetry-sdk (~> 1.2)
      opentelemetry-semantic_conventions
    opentelemetry-helpers-mysql (0.3.0)
      opentelemetry-api (~> 1.7)
      opentelemetry-common (~> 0.21)
    opentelemetry-helpers-sql (0.2.0)
      opentelemetry-api (~> 1.7)
    opentelemetry-helpers-sql-obfuscation (0.3.0)
      opentelemetry-common (~> 0.21)
    opentelemetry-instrumentation-action_mailer (0.5.0)
      opentelemetry-instrumentation-active_support (~> 0.7)
    opentelemetry-instrumentation-action_pack (0.14.0)
      opentelemetry-instrumentation-rack (~> 0.21)
    opentelemetry-instrumentation-action_view (0.10.0)
      opentelemetry-instrumentation-active_support (~> 0.7)
    opentelemetry-instrumentation-active_job (0.9.1)
      opentelemetry-instrumentation-base (~> 0.24)
    opentelemetry-instrumentation-active_model_serializers (0.23.0)
      opentelemetry-instrumentation-active_support (>= 0.7.0)
    opentelemetry-instrumentation-active_record (0.10.1)
      opentelemetry-instrumentation-base (~> 0.24)
    opentelemetry-instrumentation-active_storage (0.2.0)
      opentelemetry-instrumentation-active_support (~> 0.7)
    opentelemetry-instrumentation-active_support (0.9.1)
      opentelemetry-instrumentation-base (~> 0.24)
    opentelemetry-instrumentation-all (0.84.0)
      opentelemetry-instrumentation-active_model_serializers (~> 0.23.0)
      opentelemetry-instrumentation-anthropic (~> 0.2.0)
      opentelemetry-instrumentation-aws_lambda (~> 0.5.0)
      opentelemetry-instrumentation-aws_sdk (~> 0.9.0)
      opentelemetry-instrumentation-bunny (~> 0.23.0)
      opentelemetry-instrumentation-concurrent_ruby (~> 0.23.0)
      opentelemetry-instrumentation-dalli (~> 0.28.0)
      opentelemetry-instrumentation-delayed_job (~> 0.24.0)
      opentelemetry-instrumentation-ethon (~> 0.24.0)
      opentelemetry-instrumentation-excon (~> 0.25.0)
      opentelemetry-instrumentation-faraday (~> 0.29.0)
      opentelemetry-instrumentation-grape (~> 0.4.0)
      opentelemetry-instrumentation-graphql (~> 0.30.0)
      opentelemetry-instrumentation-grpc (~> 0.3.0)
      opentelemetry-instrumentation-gruf (~> 0.4.0)
      opentelemetry-instrumentation-http (~> 0.26.0)
      opentelemetry-instrumentation-http_client (~> 0.25.0)
      opentelemetry-instrumentation-httpx (~> 0.4.0)
      opentelemetry-instrumentation-koala (~> 0.22.0)
      opentelemetry-instrumentation-lmdb (~> 0.24.0)
      opentelemetry-instrumentation-mongo (~> 0.24.0)
      opentelemetry-instrumentation-mysql2 (~> 0.30.0)
      opentelemetry-instrumentation-net_http (~> 0.25.0)
      opentelemetry-instrumentation-pg (~> 0.31.0)
      opentelemetry-instrumentation-que (~> 0.10.0)
      opentelemetry-instrumentation-racecar (~> 0.5.0)
      opentelemetry-instrumentation-rack (~> 0.28.0)
      opentelemetry-instrumentation-rails (~> 0.38.0)
      opentelemetry-instrumentation-rake (~> 0.4.0)
      opentelemetry-instrumentation-rdkafka (~> 0.8.0)
      opentelemetry-instrumentation-redis (~> 0.27.0)
      opentelemetry-instrumentation-resque (~> 0.7.0)
      opentelemetry-instrumentation-restclient (~> 0.25.0)
      opentelemetry-instrumentation-ruby_kafka (~> 0.23.0)
      opentelemetry-instrumentation-sidekiq (~> 0.27.0)
      opentelemetry-instrumentation-sinatra (~> 0.27.0)
      opentelemetry-instrumentation-trilogy (~> 0.63.0)
    opentelemetry-instrumentation-anthropic (0.2.1)
      opentelemetry-instrumentation-base (~> 0.24)
    opentelemetry-instrumentation-aws_lambda (0.5.1)
      opentelemetry-instrumentation-base (~> 0.24)
    opentelemetry-instrumentation-aws_sdk (0.9.1)
      opentelemetry-instrumentation-base (~> 0.24)
    opentelemetry-instrumentation-base (0.24.0)
      opentelemetry-api (~> 1.7)
      opentelemetry-common (~> 0.21)
      opentelemetry-registry (~> 0.1)
    opentelemetry-instrumentation-bunny (0.23.1)
      opentelemetry-instrumentation-base (~> 0.24)
    opentelemetry-instrumentation-concurrent_ruby (0.23.1)
      opentelemetry-instrumentation-base (~> 0.24)
    opentelemetry-instrumentation-dalli (0.28.1)
      opentelemetry-instrumentation-base (~> 0.24)
    opentelemetry-instrumentation-delayed_job (0.24.1)
      opentelemetry-instrumentation-base (~> 0.24)
    opentelemetry-instrumentation-ethon (0.24.1)
      opentelemetry-instrumentation-base (~> 0.24)
    opentelemetry-instrumentation-excon (0.25.1)
      opentelemetry-instrumentation-base (~> 0.24)
    opentelemetry-instrumentation-faraday (0.29.1)
      opentelemetry-instrumentation-base (~> 0.24)
    opentelemetry-instrumentation-grape (0.4.0)
      opentelemetry-instrumentation-rack (~> 0.21)
    opentelemetry-instrumentation-graphql (0.30.1)
      opentelemetry-instrumentation-base (~> 0.24)
    opentelemetry-instrumentation-grpc (0.3.1)
      opentelemetry-instrumentation-base (~> 0.24)
    opentelemetry-instrumentation-gruf (0.4.1)
      opentelemetry-instrumentation-base (~> 0.24)
    opentelemetry-instrumentation-http (0.26.1)
      opentelemetry-instrumentation-base (~> 0.24)
    opentelemetry-instrumentation-http_client (0.25.1)
      opentelemetry-instrumentation-base (~> 0.24)
    opentelemetry-instrumentation-httpx (0.4.1)
      opentelemetry-instrumentation-base (~> 0.24)
    opentelemetry-instrumentation-koala (0.22.1)
      opentelemetry-instrumentation-base (~> 0.24)
    opentelemetry-instrumentation-lmdb (0.24.1)
      opentelemetry-instrumentation-base (~> 0.24)
    opentelemetry-instrumentation-mongo (0.24.1)
      opentelemetry-instrumentation-base (~> 0.24)
    opentelemetry-instrumentation-mysql2 (0.30.1)
      opentelemetry-helpers-mysql
      opentelemetry-helpers-sql
      opentelemetry-helpers-sql-obfuscation
      opentelemetry-instrumentation-base (~> 0.24)
    opentelemetry-instrumentation-net_http (0.25.1)
      opentelemetry-instrumentation-base (~> 0.24)
    opentelemetry-instrumentation-pg (0.31.1)
      opentelemetry-helpers-sql
      opentelemetry-helpers-sql-obfuscation
      opentelemetry-instrumentation-base (~> 0.24)
    opentelemetry-instrumentation-que (0.10.1)
      opentelemetry-instrumentation-base (~> 0.24)
    opentelemetry-instrumentation-racecar (0.5.1)
      opentelemetry-instrumentation-base (~> 0.24)
    opentelemetry-instrumentation-rack (0.28.1)
      opentelemetry-instrumentation-base (~> 0.24)
    opentelemetry-instrumentation-rails (0.38.0)
      opentelemetry-instrumentation-action_mailer (~> 0.4)
      opentelemetry-instrumentation-action_pack (~> 0.13)
      opentelemetry-instrumentation-action_view (~> 0.9)
      opentelemetry-instrumentation-active_job (~> 0.8)
      opentelemetry-instrumentation-active_record (~> 0.9)
      opentelemetry-instrumentation-active_storage (~> 0.1)
      opentelemetry-instrumentation-active_support (~> 0.8)
      opentelemetry-instrumentation-concurrent_ruby (~> 0.22)
    opentelemetry-instrumentation-rake (0.4.1)
      opentelemetry-instrumentation-base (~> 0.24)
    opentelemetry-instrumentation-rdkafka (0.8.1)
      opentelemetry-instrumentation-base (~> 0.24)
    opentelemetry-instrumentation-redis (0.27.1)
      opentelemetry-instrumentation-base (~> 0.24)
    opentelemetry-instrumentation-resque (0.7.1)
      opentelemetry-instrumentation-base (~> 0.24)
    opentelemetry-instrumentation-restclient (0.25.1)
      opentelemetry-instrumentation-base (~> 0.24)
    opentelemetry-instrumentation-ruby_kafka (0.23.1)
      opentelemetry-instrumentation-base (~> 0.24)
    opentelemetry-instrumentation-sidekiq (0.27.1)
      opentelemetry-instrumentation-base (~> 0.24)
    opentelemetry-instrumentation-sinatra (0.27.0)
      opentelemetry-instrumentation-rack (~> 0.21)
    opentelemetry-instrumentation-trilogy (0.63.1)
      opentelemetry-helpers-mysql
      opentelemetry-helpers-sql
      opentelemetry-helpers-sql-obfuscation
      opentelemetry-instrumentation-base (~> 0.24)
      opentelemetry-semantic_conventions (>= 1.8.0)
    opentelemetry-registry (0.4.0)
      opentelemetry-api (~> 1.1)
    opentelemetry-sdk (1.9.0)
      opentelemetry-api (~> 1.1)
      opentelemetry-common (~> 0.20)
      opentelemetry-registry (~> 0.2)
      opentelemetry-semantic_conventions
    opentelemetry-semantic_conventions (1.36.0)
      opentelemetry-api (~> 1.0)
    pg (1.6.2)
    pg (1.6.2-aarch64-linux)
    pg (1.6.2-aarch64-linux-musl)
    pg (1.6.2-arm64-darwin)
    pg (1.6.2-x86_64-darwin)
    pg (1.6.2-x86_64-linux)
    pg (1.6.2-x86_64-linux-musl)
    prometheus-client (4.2.5)
      base64
    protocol-hpack (1.5.1)
    protocol-http (0.54.0)
    protocol-http1 (0.35.2)
      protocol-http (~> 0.22)
    protocol-http2 (0.23.0)
      protocol-hpack (~> 1.4)
      protocol-http (~> 0.47)
    protocol-rack (0.16.0)
      io-stream (>= 0.10)
      protocol-http (~> 0.43)
      rack (>= 1.0)
    rack (3.1.18)
    rack-protection (4.2.1)
      base64 (>= 0.1.0)
      logger (>= 1.6.0)
      rack (>= 3.0.0, < 4)
    rack-session (2.1.1)
      base64 (>= 0.1.0)
      rack (>= 3.0.0)
    rack-test (2.2.0)
      rack (>= 1.3)
    rackup (2.2.1)
      rack (>= 3)
    rake (13.3.0)
    rspec (3.13.1)
      rspec-core (~> 3.13.0)
      rspec-expectations (~> 3.13.0)
      rspec-mocks (~> 3.13.0)
    rspec-benchmark (0.6.0)
      benchmark-malloc (~> 0.2)
      benchmark-perf (~> 0.6)
      benchmark-trend (~> 0.4)
      rspec (>= 3.0)
    rspec-core (3.13.5)
      rspec-support (~> 3.13.0)
    rspec-expectations (3.13.5)
      diff-lcs (>= 1.2.0, < 2.0)
      rspec-support (~> 3.13.0)
    rspec-files (1.1.3)
      rspec (~> 3.0)
    rspec-memory (1.0.4)
      rspec (~> 3.0)
    rspec-mocks (3.13.5)
      diff-lcs (>= 1.2.0, < 2.0)
      rspec-support (~> 3.13.0)
    rspec-support (3.13.6)
    rspec_junit_formatter (0.6.0)
      rspec-core (>= 2, < 4, != 2.12.0)
    ruby-vips (2.2.5)
      ffi (~> 1.12)
      logger
    ruby2_keywords (0.0.5)
    samovar (2.3.0)
      console (~> 1.0)
      mapping (~> 1.0)
    securerandom (0.4.1)
    sequel (5.97.0)
      bigdecimal
    simplecov (0.22.0)
      docile (~> 1.1)
      simplecov-html (~> 0.11)
      simplecov_json_formatter (~> 0.1)
    simplecov-html (0.13.2)
    simplecov_json_formatter (0.1.4)
    sinatra (4.2.1)
      logger (>= 1.6.0)
      mustermann (~> 3.0)
      rack (>= 3.0.0, < 4)
      rack-protection (= 4.2.1)
      rack-session (>= 2.0.0, < 3)
      tilt (~> 2.0)
    slim (5.2.1)
      temple (~> 0.10.0)
      tilt (>= 2.1.0)
    sqlite3 (2.7.4-aarch64-linux-gnu)
    sqlite3 (2.7.4-aarch64-linux-musl)
    sqlite3 (2.7.4-arm-linux-gnu)
    sqlite3 (2.7.4-arm-linux-musl)
    sqlite3 (2.7.4-arm64-darwin)
    sqlite3 (2.7.4-x86-linux-gnu)
    sqlite3 (2.7.4-x86-linux-musl)
    sqlite3 (2.7.4-x86_64-darwin)
    sqlite3 (2.7.4-x86_64-linux-gnu)
    sqlite3 (2.7.4-x86_64-linux-musl)
    stack-service-base (0.0.44)
      async
      nats-pure
      opentelemetry-exporter-otlp
      opentelemetry-instrumentation-all
      opentelemetry-sdk
      prometheus-client
      rack
      websocket
    string-format (0.2.0)
    temple (0.10.4)
    tilt (2.6.1)
    traces (0.18.2)
    uri (1.0.3)
    websocket (1.2.11)
    yard (0.9.37)

PLATFORMS
  aarch64-linux
  aarch64-linux-gnu
  aarch64-linux-musl
  arm-linux-gnu
  arm-linux-musl
  arm64-darwin
  x86-linux-gnu
  x86-linux-musl
  x86_64-darwin
  x86_64-linux-gnu
  x86_64-linux-musl

DEPENDENCIES
  async
  async-rspec
  autoforme
  falcon
  faraday
  faraday-net_http_persistent
  faraday-retry
  ffi
  maplibre-preview
  pg
  rack (~> 3.1.13)
  rack-test
  rackup (~> 2.2.1)
  rspec
  rspec-benchmark
  rspec_junit_formatter
  ruby-vips
  sequel
  simplecov
  sinatra
  slim
  sqlite3
  stack-service-base
  yard

BUNDLED WITH
   2.7.2
